PATH
  remote: .
  specs:
    neovim-ui (0.1.0)
      neovim (~> 0.7)

GEM
  remote: https://rubygems.org/
  specs:
    diff-lcs (1.3)
    msgpack (1.2.4)
    multi_json (1.13.1)
    neovim (0.7.1)
      msgpack (~> 1.1)
      multi_json (~> 1.0)
    rake (10.5.0)
    rspec (3.7.0)
      rspec-core (~> 3.7.0)
      rspec-expectations (~> 3.7.0)
      rspec-mocks (~> 3.7.0)
    rspec-core (3.7.1)
      rspec-support (~> 3.7.0)
    rspec-expectations (3.7.0)
      diff-lcs (>= 1.2.0, < 2.0)
      rspec-support (~> 3.7.0)
    rspec-mocks (3.7.0)
      diff-lcs (>= 1.2.0, < 2.0)
      rspec-support (~> 3.7.0)
    rspec-support (3.7.1)

PLATFORMS
  ruby

DEPENDENCIES
  bundler (~> 1.16)
  neovim-ui!
  rake (~> 10.0)
  rspec (~> 3.0)

BUNDLED WITH
   1.16.1
